GIT
  remote: https://github.com/richo/afl-ruby.git
  revision: cbaad7a5fadca7b1617a211d571f7badc80fec82
  specs:
    afl (0.0.3)

GEM
  remote: https://rubygems.org/
  specs:
    ast (2.4.2)
    diff-lcs (1.5.0)
    docile (1.4.0)
    optimist (3.0.1)
    parser (3.1.0.0)
      ast (~> 2.4.1)
    rbs (2.1.0)
    rspec (3.10.0)
      rspec-core (~> 3.10.0)
      rspec-expectations (~> 3.10.0)
      rspec-mocks (~> 3.10.0)
    rspec-core (3.10.2)
      rspec-support (~> 3.10.0)
    rspec-expectations (3.10.2)
      diff-lcs (>= 1.2.0, < 2.0)
      rspec-support (~> 3.10.0)
    rspec-mocks (3.10.3)
      diff-lcs (>= 1.2.0, < 2.0)
      rspec-support (~> 3.10.0)
    rspec-support (3.10.3)
    simplecov (0.21.2)
      docile (~> 1.1)
      simplecov-html (~> 0.11)
      simplecov_json_formatter (~> 0.1)
    simplecov-html (0.12.3)
    simplecov_json_formatter (0.1.3)

PLATFORMS
  arm64-darwin-21

DEPENDENCIES
  afl!
  optimist
  parser
  rbs
  rspec
  simplecov

BUNDLED WITH
   2.2.22
